GEM
  remote: https://rubygems.org/
  specs:
    foreman (0.84.0)
      thor (~> 0.19.1)
    json (2.0.2)
    mustermann (1.0.1)
    puma (3.12.4)
    rack (2.0.3)
    rack-protection (2.0.0)
      rack
    redis (4.0.1)
    sinatra (2.0.0)
      mustermann (~> 1.0)
      rack (~> 2.0)
      rack-protection (= 2.0.0)
      tilt (~> 2.0)
    sinatra-cors (1.1.0)
    thor (0.19.4)
    tilt (2.0.6)

PLATFORMS
  ruby

DEPENDENCIES
  foreman
  json
  puma
  redis
  sinatra
  sinatra-cors

RUBY VERSION
   ruby 2.4.0p0

BUNDLED WITH
   1.14.6
